PATH
  remote: .
  specs:
    clean-api (0.4.5)
      dry-inflector
      json

GEM
  remote: http://rubygems.org/
  specs:
    awesome_print (1.8.0)
    byebug (11.1.1)
    clean-hash (0.5.2)
      hashie
    diff-lcs (1.3)
    dry-inflector (0.2.0)
    fast_blank (1.0.0)
    hashie (4.1.0)
    html-tag (1.2.0)
      fast_blank (~> 1)
    json (2.3.0)
    mustermann (1.1.1)
      ruby2_keywords (~> 0.0.1)
    nio4r (2.5.2)
    puma (4.3.3)
      nio4r (~> 2.0)
    rack (2.2.2)
    rack-protection (2.0.8.1)
      rack
    rspec (3.9.0)
      rspec-core (~> 3.9.0)
      rspec-expectations (~> 3.9.0)
      rspec-mocks (~> 3.9.0)
    rspec-core (3.9.1)
      rspec-support (~> 3.9.1)
    rspec-expectations (3.9.1)
      diff-lcs (>= 1.2.0, < 2.0)
      rspec-support (~> 3.9.0)
    rspec-mocks (3.9.1)
      diff-lcs (>= 1.2.0, < 2.0)
      rspec-support (~> 3.9.0)
    rspec-support (3.9.2)
    ruby2_keywords (0.0.2)
    sinatra (2.0.8.1)
      mustermann (~> 1.0)
      rack (~> 2.0)
      rack-protection (= 2.0.8.1)
      tilt (~> 2.0)
    tilt (2.0.10)

PLATFORMS
  ruby

DEPENDENCIES
  awesome_print
  byebug
  clean-api!
  clean-hash
  html-tag
  puma
  rspec
  sinatra

BUNDLED WITH
   2.1.4
