GIT
  remote: git@github.com:dux/clean-hash.git
  revision: 40145aeac5d779c798b46d5cb0042771657dddbb
  specs:
    clean-hash (0.5.1)
      hashie (~> 4)

PATH
  remote: .
  specs:
    clean-api (0.4.5)
      dry-inflector (~> 0)

GEM
  remote: http://rubygems.org/
  specs:
    awesome_print (1.8.0)
    coderay (1.1.2)
    diff-lcs (1.3)
    dry-inflector (0.2.0)
    fast_blank (1.0.0)
    hamlit (2.11.0)
      temple (>= 0.8.2)
      thor
      tilt
    hashie (4.1.0)
    html-tag (1.1.0)
      fast_blank (~> 1)
    method_source (0.9.2)
    mustermann (1.1.1)
      ruby2_keywords (~> 0.0.1)
    nio4r (2.5.2)
    pry (0.12.2)
      coderay (~> 1.1.0)
      method_source (~> 0.9.0)
    puma (4.3.3)
      nio4r (~> 2.0)
    rack (2.2.2)
    rack-protection (2.0.8.1)
      rack
    rspec (3.9.0)
      rspec-core (~> 3.9.0)
      rspec-expectations (~> 3.9.0)
      rspec-mocks (~> 3.9.0)
    rspec-core (3.9.1)
      rspec-support (~> 3.9.1)
    rspec-expectations (3.9.0)
      diff-lcs (>= 1.2.0, < 2.0)
      rspec-support (~> 3.9.0)
    rspec-mocks (3.9.1)
      diff-lcs (>= 1.2.0, < 2.0)
      rspec-support (~> 3.9.0)
    rspec-support (3.9.2)
    ruby2_keywords (0.0.2)
    sinatra (2.0.8.1)
      mustermann (~> 1.0)
      rack (~> 2.0)
      rack-protection (= 2.0.8.1)
      tilt (~> 2.0)
    temple (0.8.2)
    thor (1.0.1)
    tilt (2.0.10)

PLATFORMS
  ruby

DEPENDENCIES
  awesome_print
  clean-api!
  clean-hash!
  hamlit
  html-tag
  pry
  puma
  rspec
  sinatra

BUNDLED WITH
   2.1.4
